GEM
  specs:

GEM
  remote: https://rubygems.org/
  specs:
    faraday (2.9.0)
      faraday-net_http (>= 2.0, < 3.2)
    faraday-mashify (0.1.1)
      faraday (~> 2.0)
      hashie
    faraday-multipart (1.0.4)
      multipart-post (~> 2)
    faraday-net_http (3.1.0)
      net-http
    gli (2.21.1)
    hashie (5.0.0)
    multipart-post (2.4.0)
    net-http (0.4.1)
      uri
    nokogiri (1.16.4-arm64-darwin)
      racc (~> 1.4)
    nokogiri (1.16.4-x86_64-darwin)
      racc (~> 1.4)
    openssl (3.2.0)
    racc (1.7.3)
    rexml (3.2.6)
    rubygems-update (3.5.7)
    rubyzip (2.3.2)
    selenium-webdriver (4.10.0)
      rexml (~> 3.2, >= 3.2.5)
      rubyzip (>= 1.2.2, < 3.0)
      websocket (~> 1.0)
    slack-ruby-client (2.3.0)
      faraday (>= 2.0)
      faraday-mashify
      faraday-multipart
      gli
      hashie
    timezone (1.3.25)
    uri (0.13.0)
    websocket (1.2.10)

PLATFORMS
  arm64-darwin-23
  x86_64-darwin-23

DEPENDENCIES
  nokogiri!
  openssl!
  rubygems-update!
  selenium-webdriver (= 4.10.0)!
  slack-ruby-client!
  timezone!

BUNDLED WITH
   2.5.3
